GEM
  remote: http://rubygems.org/
  specs:
    activesupport (2.3.10)
    curb (0.7.8)
    diff-lcs (1.1.2)
    fakeweb (1.3.0)
    i18n (0.4.1)
    rack (1.2.1)
    rake (0.8.7)
    rspec (2.0.1)
      rspec-core (~> 2.0.1)
      rspec-expectations (~> 2.0.1)
      rspec-mocks (~> 2.0.1)
    rspec-core (2.0.1)
    rspec-expectations (2.0.1)
      diff-lcs (>= 1.1.2)
    rspec-mocks (2.0.1)
      rspec-core (~> 2.0.1)
      rspec-expectations (~> 2.0.1)
    yajl-ruby (0.7.8)

PLATFORMS
  ruby

DEPENDENCIES
  activesupport (~> 2.3.5)
  bundler
  curb (>= 0.6)
  fakeweb (>= 1.2)
  i18n
  rack (>= 1.0)
  rake
  rspec (~> 2.0.0)
  yajl-ruby
